PATH
  remote: .
  specs:
    blue-shell (0.0.2)
      rspec

GEM
  remote: https://rubygems.org/
  specs:
    diff-lcs (1.2.2)
    rake (10.0.3)
    rr (1.0.5)
    rspec (2.13.0)
      rspec-core (~> 2.13.0)
      rspec-expectations (~> 2.13.0)
      rspec-mocks (~> 2.13.0)
    rspec-core (2.13.1)
    rspec-expectations (2.13.0)
      diff-lcs (>= 1.1.3, < 2.0)
    rspec-mocks (2.13.0)

PLATFORMS
  ruby

DEPENDENCIES
  blue-shell!
  rake
  rr
